GIT
  remote: https://github.com/muffinista/namey.git
  revision: 461909a5115e6ad27c84decbc7bc6ce7efa22609
  branch: master
  specs:
    namey (0.0.12)
      sequel
      sqlite3

GIT
  remote: https://github.com/projectcypress/health-data-standards.git
  revision: 7448cf475863e773b8285ce17d1f237ae1c79721
  branch: master
  specs:
    health-data-standards (3.6.1)
      activesupport (~> 4.1.1)
      builder (~> 3.1)
      erubis (~> 2.7.0)
      highline (~> 1.7.0)
      log4r (~> 1.1.10)
      memoist (~> 0.9.1)
      mongoid (~> 4.0.0)
      mongoid-tree (~> 1.0.4)
      nokogiri (~> 1.6.6.2)
      protected_attributes (~> 1.0.5)
      rest-client (~> 1.8.0)
      rubyzip (= 0.9.9)
      uuid (~> 2.3.7)

GEM
  remote: https://rubygems.org/
  specs:
    activemodel (4.1.13)
      activesupport (= 4.1.13)
      builder (~> 3.1)
    activesupport (4.1.13)
      i18n (~> 0.6, >= 0.6.9)
      json (~> 1.7, >= 1.7.7)
      minitest (~> 5.1)
      thread_safe (~> 0.1)
      tzinfo (~> 1.1)
    ansi (1.5.0)
    bson (3.2.4)
    builder (3.2.2)
    cane (2.6.2)
      parallel
    coderay (1.1.0)
    connection_pool (2.2.0)
    domain_name (0.5.25)
      unf (>= 0.0.5, < 1.0.0)
    erubis (2.7.0)
    highline (1.7.8)
    http-cookie (1.0.2)
      domain_name (~> 0.5)
    i18n (0.7.0)
    json (1.8.3)
    log4r (1.1.10)
    macaddr (1.7.1)
      systemu (~> 2.6.2)
    memoist (0.9.3)
    method_source (0.8.2)
    mime-types (2.6.2)
    mini_portile (0.6.2)
    minitest (5.8.1)
    mongoid (4.0.0)
      activemodel (~> 4.0)
      moped (~> 2.0.0)
      origin (~> 2.1)
      tzinfo (>= 0.3.37)
    mongoid-tree (1.0.4)
      mongoid (>= 3.0, <= 4.0)
    moped (2.0.7)
      bson (~> 3.0)
      connection_pool (~> 2.0)
      optionable (~> 0.2.0)
    netrc (0.10.3)
    nokogiri (1.6.6.2)
      mini_portile (~> 0.6.0)
    optionable (0.2.0)
    origin (2.1.1)
    parallel (1.6.1)
    protected_attributes (1.0.9)
      activemodel (>= 4.0.1, < 5.0)
    pry (0.10.2)
      coderay (~> 1.1.0)
      method_source (~> 0.8.1)
      slop (~> 3.4)
    pry-nav (0.2.4)
      pry (>= 0.9.10, < 0.11.0)
    rake (10.4.2)
    rest-client (1.8.0)
      http-cookie (>= 1.0.2, < 2.0)
      mime-types (>= 1.16, < 3.0)
      netrc (~> 0.7)
    ruby-graphviz (1.2.2)
    rubyzip (0.9.9)
    sequel (4.27.0)
    slop (3.6.0)
    sqlite3 (1.3.11)
    systemu (2.6.5)
    thread_safe (0.3.5)
    turn (0.9.6)
      ansi
    tzinfo (1.2.2)
      thread_safe (~> 0.1)
    unf (0.1.4)
      unf_ext
    unf_ext (0.0.7.1)
    uuid (2.3.8)
      macaddr (~> 1.0)

PLATFORMS
  ruby

DEPENDENCIES
  bson
  cane
  health-data-standards!
  namey!
  pry
  pry-nav
  rake
  ruby-graphviz
  turn
